GEM
  remote: https://rubygems.org/
  specs:
    json_pure (1.6.5)

PLATFORMS
  ruby

DEPENDENCIES
  json_pure
